GIT
  remote: git://github.com/rails/activerecord-deprecated_finders.git
  revision: dd99c375c44b7cb38c5323cd419a5882817249f0
  specs:
    activerecord-deprecated_finders (0.0.1)

GIT
  remote: git://github.com/rails/arel.git
  revision: 890eaf4784fb6b4ee9e1a8f167f6a9b28525722e
  specs:
    arel (3.0.2.20120819075748)

GIT
  remote: git://github.com/rails/coffee-rails.git
  revision: ce307931bd6542d62ea6693a5e75ba7a1cc50505
  specs:
    coffee-rails (4.0.0.beta)
      coffee-script (>= 2.2.0)
      railties (>= 4.0.0.beta, < 5.0)

GIT
  remote: git://github.com/rails/journey.git
  revision: 5e14f7477b3d05595bf950b33812793da2c3913c
  specs:
    journey (2.0.0.20120723141804)

GIT
  remote: git://github.com/rails/rails.git
  revision: 8f3f50a3cca98a322083269562d446498825ad5f
  specs:
    actionmailer (4.0.0.beta)
      actionpack (= 4.0.0.beta)
      mail (~> 2.4.4)
    actionpack (4.0.0.beta)
      activesupport (= 4.0.0.beta)
      builder (~> 3.1.0)
      erubis (~> 2.7.0)
      journey (~> 2.0.0)
      rack (~> 1.4.1)
      rack-test (~> 0.6.1)
    activemodel (4.0.0.beta)
      activesupport (= 4.0.0.beta)
      builder (~> 3.1.0)
    activerecord (4.0.0.beta)
      activemodel (= 4.0.0.beta)
      activerecord-deprecated_finders (= 0.0.1)
      activesupport (= 4.0.0.beta)
      arel (~> 3.0.2)
    activesupport (4.0.0.beta)
      i18n (~> 0.6)
      minitest (~> 4.1)
      multi_json (~> 1.3)
      tzinfo (~> 0.3.33)
    rails (4.0.0.beta)
      actionmailer (= 4.0.0.beta)
      actionpack (= 4.0.0.beta)
      activerecord (= 4.0.0.beta)
      activesupport (= 4.0.0.beta)
      bundler (~> 1.2)
      railties (= 4.0.0.beta)
      sprockets-rails (~> 2.0.0.rc1)
    railties (4.0.0.beta)
      actionpack (= 4.0.0.beta)
      activesupport (= 4.0.0.beta)
      rake (>= 0.8.7)
      rdoc (~> 3.4)
      thor (>= 0.15.4, < 2.0)

GIT
  remote: git://github.com/rails/sass-rails.git
  revision: e1bc5aa3c2d8332b9a9a6e54f574de8a829e54d0
  specs:
    sass-rails (4.0.0.beta)
      railties (>= 4.0.0.beta, < 5.0)
      sass (>= 3.1.10)
      sprockets-rails (~> 2.0.0.rc0)
      tilt (~> 1.3)

GIT
  remote: git://github.com/rails/sprockets-rails.git
  revision: 3c109f2c2859c287866ea879df847d13f560e4c0
  specs:
    sprockets-rails (2.0.0.rc1)
      actionpack (>= 3.0)
      activesupport (>= 3.0)
      sprockets (~> 2.8)

GEM
  remote: https://rubygems.org/
  specs:
    builder (3.1.4)
    coffee-script (2.2.0)
      coffee-script-source
      execjs
    coffee-script-source (1.4.0)
    erubis (2.7.0)
    execjs (1.4.0)
      multi_json (~> 1.0)
    hike (1.2.1)
    i18n (0.6.1)
    jquery-rails (2.1.3)
      railties (>= 3.1.0, < 5.0)
      thor (~> 0.14)
    json (1.7.5)
    macaddr (1.6.1)
      systemu (~> 2.5.0)
    mail (2.4.4)
      i18n (>= 0.4.0)
      mime-types (~> 1.16)
      treetop (~> 1.4.8)
    mime-types (1.19)
    minitest (4.2.0)
    multi_json (1.3.7)
    polyglot (0.3.3)
    puma (1.6.3)
      rack (~> 1.2)
    rack (1.4.1)
    rack-test (0.6.2)
      rack (>= 1.0)
    rails_config (0.3.1)
      activesupport (>= 3.0)
    rake (10.0.0)
    rdoc (3.12)
      json (~> 1.4)
    redis (3.0.2)
    sass (3.2.3)
    sprockets (2.8.1)
      hike (~> 1.2)
      multi_json (~> 1.0)
      rack (~> 1.0)
      tilt (~> 1.1, != 1.3.0)
    sqlite3 (1.3.6)
    systemu (2.5.2)
    thor (0.16.0)
    tilt (1.3.3)
    treetop (1.4.12)
      polyglot
      polyglot (>= 0.3.1)
    turbolinks (0.5.1)
    tzinfo (0.3.35)
    uglifier (1.3.0)
      execjs (>= 0.3.0)
      multi_json (~> 1.0, >= 1.0.2)
    uuid (2.3.5)
      macaddr (~> 1.0)

PLATFORMS
  ruby

DEPENDENCIES
  activerecord-deprecated_finders!
  arel!
  coffee-rails!
  journey!
  jquery-rails
  puma
  rails!
  rails_config
  redis
  sass-rails!
  sprockets-rails!
  sqlite3
  turbolinks
  uglifier (>= 1.0.3)
  uuid
